GEM
  remote: https://rubygems.org/
  specs:
    chunky_png (1.4.0)
    ecdsa (1.2.0)
    rqrcode (1.2.0)
      chunky_png (~> 1.0)
      rqrcode_core (~> 0.2)
    rqrcode_core (0.2.0)

PLATFORMS
  x64-mingw32

DEPENDENCIES
  ecdsa (~> 1.2)
  rqrcode

BUNDLED WITH
   2.1.4
