GEM
  remote: https://rubygems.org/
  specs:
    ecdsa (1.2.0)

PLATFORMS
  x64-mingw32

DEPENDENCIES
  ecdsa (~> 1.2)

BUNDLED WITH
   2.1.4
